GEM
  remote: https://rubygems.org/
  specs:
    addressable (2.3.5)
    mime-types (1.25)
    mini_magick (3.6.0)
      subexec (~> 0.2.1)
    rack (1.5.2)
    rack-protection (1.5.1)
      rack
    rest-client (1.6.7)
      mime-types (>= 1.16)
    sinatra (1.4.4)
      rack (~> 1.4)
      rack-protection (~> 1.4)
      tilt (~> 1.3, >= 1.3.4)
    subexec (0.2.3)
    tilt (1.4.1)

PLATFORMS
  ruby

DEPENDENCIES
  addressable
  mini_magick
  rest-client
  sinatra
